PATH
  remote: .
  specs:
    ruby_password_generator (0.0.1)

GEM
  remote: http://rubygems.org/
  specs:
    configuration (1.2.0)
    growl (1.0.3)
    guard (0.3.0)
      open_gem (~> 1.4.2)
      thor (~> 0.14.6)
    guard-bundler (0.1.2)
      guard (>= 0.2.2)
    guard-ego (0.0.1)
      guard (>= 0.2.1)
    guard-minitest (0.3.0)
      guard (>= 0.2.2)
    launchy (0.3.7)
      configuration (>= 0.0.5)
      rake (>= 0.8.1)
    minitest (2.0.2)
    mynyml-redgreen (0.7.1)
      term-ansicolor (>= 1.0.4)
    open_gem (1.4.2)
      launchy (~> 0.3.5)
    rake (0.8.7)
    rb-fsevent (0.3.10)
    term-ansicolor (1.0.5)
    thor (0.14.6)

PLATFORMS
  ruby

DEPENDENCIES
  growl (= 1.0.3)
  guard (= 0.3.0)
  guard-bundler (= 0.1.2)
  guard-ego (= 0.0.1)
  guard-minitest (= 0.3.0)
  minitest (= 2.0.2)
  mynyml-redgreen (= 0.7.1)
  rb-fsevent (= 0.3.10)
  ruby_password_generator!
