PATH
  remote: .
  specs:
    ruby_password_generator (0.0.1)

GEM
  remote: http://rubygems.org/
  specs:
    minitest (2.0.2)
    mynyml-redgreen (0.7.1)
      term-ansicolor (>= 1.0.4)
    term-ansicolor (1.0.5)

PLATFORMS
  ruby

DEPENDENCIES
  minitest (= 2.0.2)
  mynyml-redgreen (= 0.7.1)
  ruby_password_generator!
